GEM
  remote: https://rubygems.org/
  specs:
    mustermann (1.0.3)
    rack (3.0.7)
    rack-protection (2.0.4)
      rack
    sinatra (2.0.4)
      mustermann (~> 1.0)
      rack (>= 2.1.4)
      rack-protection (= 2.0.4)
      tilt (~> 2.0)
    tilt (2.0.9)

PLATFORMS
  ruby

DEPENDENCIES
  sinatra (~> 2.0, >= 2.0.1)

RUBY VERSION
   ruby 2.4.2p198

BUNDLED WITH
   1.16.1
